PATH
  remote: .
  specs:
    stock_scraper (0.1.0)

GEM
  remote: https://rubygems.org/
  specs:
    coderay (1.1.2)
    method_source (0.9.0)
    open_uri_redirections (0.2.1)
    pry (0.11.3)
      coderay (~> 1.1.0)
      method_source (~> 0.9.0)
    rake (10.5.0)

PLATFORMS
  ruby

DEPENDENCIES
  bundler (~> 1.16)
  open_uri_redirections
  pry
  rake (~> 10.0)
  stock_scraper!

BUNDLED WITH
   1.16.3
